GEM
  remote: https://rubygems.org/
  specs:
    rethinkdb (2.4.0.0)

PLATFORMS
  ruby

DEPENDENCIES
  rethinkdb

BUNDLED WITH
   2.1.4
